GIT
  remote: https://github.com/benbalter/site-inspector.git
  revision: 3588ae1d1be4867a40719d28a5f15191c7f668c8
  specs:
    site-inspector (3.2.0)
      activesupport
      cliver (~> 0.0)
      colorator (~> 1.1)
      dnsruby (~> 1.0)
      dotenv (~> 2.0)
      gman (~> 7.0, >= 7.0.4)
      mercenary (~> 0.0)
      naughty_or_nice (~> 2.0)
      nokogiri (~> 1.10)
      oj (~> 3.0)
      parallel (~> 1.0)
      public_suffix (~> 4.0)
      sniffles (~> 0.2)
      typhoeus (~> 1.0)
      urlscan (~> 0.6)
      whois (~> 5.0)

GIT
  remote: https://github.com/wa0x6e/sniffles.git
  revision: bd797d01ead32951dce70b1ad11f4ae5742e3014
  specs:
    sniffles (0.2.0)
      nokogiri (~> 1.6)

GEM
  remote: https://rubygems.org/
  specs:
    activesupport (6.1.0)
      concurrent-ruby (~> 1.0, >= 1.0.2)
      i18n (>= 1.6, < 2)
      minitest (>= 5.1)
      tzinfo (~> 2.0)
      zeitwerk (~> 2.3)
    addressable (2.7.0)
      public_suffix (>= 2.0.2, < 5.0)
    ast (2.4.1)
    cliver (0.3.2)
    colorator (1.1.0)
    colored (1.2)
    concurrent-ruby (1.1.7)
    dnsruby (1.61.5)
      simpleidn (~> 0.1)
    dotenv (2.7.6)
    em-websocket (0.5.2)
      eventmachine (>= 0.12.9)
      http_parser.rb (~> 0.6.0)
    ethon (0.12.0)
      ffi (>= 1.3.0)
    eventmachine (1.2.7)
    faraday (1.2.0)
      multipart-post (>= 1.2, < 3)
      ruby2_keywords
    ffi (1.14.2)
    forwardable-extended (2.6.0)
    gman (7.0.5)
      colored (~> 1.2)
      iso_country_codes (~> 0.6)
      naughty_or_nice (>= 2.1.1)
      public_suffix (>= 3.0)
    http_parser.rb (0.6.0)
    i18n (1.8.5)
      concurrent-ruby (~> 1.0)
    iso_country_codes (0.7.8)
    jekyll (4.2.0)
      addressable (~> 2.4)
      colorator (~> 1.0)
      em-websocket (~> 0.5)
      i18n (~> 1.0)
      jekyll-sass-converter (~> 2.0)
      jekyll-watch (~> 2.0)
      kramdown (~> 2.3)
      kramdown-parser-gfm (~> 1.0)
      liquid (~> 4.0)
      mercenary (~> 0.4.0)
      pathutil (~> 0.9)
      rouge (~> 3.0)
      safe_yaml (~> 1.0)
      terminal-table (~> 2.0)
    jekyll-github-metadata (2.13.0)
      jekyll (>= 3.4, < 5.0)
      octokit (~> 4.0, != 4.4.0)
    jekyll-sass-converter (2.1.0)
      sassc (> 2.0.1, < 3.0)
    jekyll-seo-tag (2.7.1)
      jekyll (>= 3.8, < 5.0)
    jekyll-watch (2.2.1)
      listen (~> 3.0)
    kramdown (2.3.0)
      rexml
    kramdown-parser-gfm (1.1.0)
      kramdown (~> 2.0)
    liquid (4.0.3)
    listen (3.3.3)
      rb-fsevent (~> 0.10, >= 0.10.3)
      rb-inotify (~> 0.9, >= 0.9.10)
    mercenary (0.4.0)
    mini_portile2 (2.4.0)
    minitest (5.14.2)
    multipart-post (2.1.1)
    naughty_or_nice (2.1.2)
      addressable (~> 2.3)
      public_suffix (>= 3.0)
    nokogiri (1.10.10)
      mini_portile2 (~> 2.4.0)
    octokit (4.19.0)
      faraday (>= 0.9)
      sawyer (~> 0.8.0, >= 0.5.3)
    oj (3.10.18)
    parallel (1.20.1)
    parser (2.7.2.0)
      ast (~> 2.4.1)
    pathutil (0.16.2)
      forwardable-extended (~> 2.6)
    public_suffix (4.0.6)
    rainbow (3.0.0)
    rb-fsevent (0.10.4)
    rb-inotify (0.10.1)
      ffi (~> 1.0)
    regexp_parser (2.0.1)
    rexml (3.2.4)
    rouge (3.26.0)
    rubocop (1.6.1)
      parallel (~> 1.10)
      parser (>= 2.7.1.5)
      rainbow (>= 2.2.2, < 4.0)
      regexp_parser (>= 1.8, < 3.0)
      rexml
      rubocop-ast (>= 1.2.0, < 2.0)
      ruby-progressbar (~> 1.7)
      unicode-display_width (>= 1.4.0, < 2.0)
    rubocop-ast (1.3.0)
      parser (>= 2.7.1.5)
    rubocop-performance (1.9.1)
      rubocop (>= 0.90.0, < 2.0)
      rubocop-ast (>= 0.4.0)
    ruby-progressbar (1.10.1)
    ruby2_keywords (0.0.2)
    safe_yaml (1.0.5)
    sassc (2.4.0)
      ffi (~> 1.9)
    sawyer (0.8.2)
      addressable (>= 2.3.5)
      faraday (> 0.8, < 2.0)
    simpleidn (0.1.1)
      unf (~> 0.1.4)
    terminal-table (2.0.0)
      unicode-display_width (~> 1.1, >= 1.1.1)
    thor (1.0.1)
    typhoeus (1.4.0)
      ethon (>= 0.9.0)
    tzinfo (2.0.4)
      concurrent-ruby (~> 1.0)
    unf (0.1.4)
      unf_ext
    unf_ext (0.0.7.7)
    unicode-display_width (1.7.0)
    urlscan (0.6.0)
      thor (~> 1.0)
    whois (5.0.1)
    zeitwerk (2.4.2)

PLATFORMS
  x86_64-darwin-19

DEPENDENCIES
  jekyll
  jekyll-github-metadata
  jekyll-seo-tag
  rubocop
  rubocop-performance
  site-inspector!
  sniffles!

BUNDLED WITH
   2.2.1
